GEM
  remote: https://rubygems.org/
  specs:
    ezid-client (1.8.0)
      hashie (~> 3.4, >= 3.4.3)
      nokogiri
    hashie (3.6.0)
    mini_portile2 (2.6.1)
    nokogiri (1.12.5)
      mini_portile2 (~> 2.6.1)
      racc (~> 1.4)
    racc (1.5.2)

PLATFORMS
  ruby

DEPENDENCIES
  ezid-client (~> 1.8.0)

BUNDLED WITH
   1.17.3
